GEM
  remote: https://rubygems.org/
  specs:
    actionview (4.2.3)
      activesupport (= 4.2.3)
      builder (~> 3.1)
      erubis (~> 2.7.0)
      rails-dom-testing (~> 1.0, >= 1.0.5)
      rails-html-sanitizer (~> 1.0, >= 1.0.2)
    activesupport (4.2.3)
      i18n (~> 0.7)
      json (~> 1.7, >= 1.7.7)
      minitest (~> 5.1)
      thread_safe (~> 0.3, >= 0.3.4)
      tzinfo (~> 1.1)
    builder (3.2.2)
    cells (4.0.2)
      tilt (>= 1.4, < 3)
      uber (~> 0.0.9)
    coderay (1.1.0)
    erubis (2.7.0)
    glia (0.1.4)
    haml (4.0.7)
      tilt
    http_router (0.11.2)
      rack (>= 1.0.0)
      url_mount (~> 0.2.1)
    i18n (0.7.0)
    json (1.8.3)
    loofah (2.0.2)
      nokogiri (>= 1.5.9)
    lotus-controller (0.4.4)
      lotus-utils (~> 0.5)
      lotus-validations (~> 0.3)
      rack (~> 1.5)
    lotus-router (0.4.2)
      http_router (~> 0.11)
      lotus-utils (~> 0.5, >= 0.5.1)
    lotus-utils (0.5.1)
    lotus-validations (0.3.2)
      lotus-utils (~> 0.4)
    method_source (0.8.2)
    mini_portile (0.6.2)
    minitest (5.8.0)
    nokogiri (1.6.6.2)
      mini_portile (~> 0.6.0)
    pry (0.10.1)
      coderay (~> 1.1.0)
      method_source (~> 0.8.1)
      slop (~> 3.4)
    rack (1.6.4)
    rails-deprecated_sanitizer (1.0.3)
      activesupport (>= 4.2.0.alpha)
    rails-dom-testing (1.0.6)
      activesupport (>= 4.2.0.beta, < 5.0)
      nokogiri (~> 1.6.0)
      rails-deprecated_sanitizer (>= 1.0.1)
    rails-html-sanitizer (1.0.2)
      loofah (~> 2.0)
    request_store (1.2.0)
    slop (3.6.0)
    thread_safe (0.3.5)
    tilt (2.0.1)
    tzinfo (1.2.2)
      thread_safe (~> 0.1)
    uber (0.0.14)
    url_mount (0.2.1)
      rack

PLATFORMS
  ruby

DEPENDENCIES
  actionview
  cells
  glia
  haml
  lotus-controller
  lotus-router
  pry
  request_store
